GEM
  remote: http://rubygems.org/
  specs:
    daemons (1.1.4)
    database_cleaner (0.6.7)
    diff-lcs (1.1.3)
    eventmachine (0.12.10)
    json (1.6.1)
    mime-types (1.16)
    pg (0.11.0)
    rack (1.3.4)
    rack-protection (1.1.4)
      rack
    rdiscount (1.6.8)
    rest-client (1.6.7)
      mime-types (>= 1.16)
    rspec (2.7.0)
      rspec-core (~> 2.7.0)
      rspec-expectations (~> 2.7.0)
      rspec-mocks (~> 2.7.0)
    rspec-core (2.7.1)
    rspec-expectations (2.7.0)
      diff-lcs (~> 1.1.2)
    rspec-mocks (2.7.0)
    sequel (3.28.0)
    sinatra (1.3.1)
      rack (~> 1.3, >= 1.3.4)
      rack-protection (~> 1.1, >= 1.1.2)
      tilt (~> 1.3, >= 1.3.3)
    thin (1.2.11)
      daemons (>= 1.0.9)
      eventmachine (>= 0.12.6)
      rack (>= 1.0.0)
    tilt (1.3.3)

PLATFORMS
  ruby

DEPENDENCIES
  database_cleaner
  json
  pg
  rdiscount
  rest-client
  rspec
  sequel
  sinatra
  thin
